NUGET
  remote: https://api.nuget.org/v3/index.json
    Antlr (3.5.0.2) - version_in_path: true, restriction: >= net7.0
    bootstrap (5.3.0-alpha1) - restriction: >= net7.0
    EntityFramework (6.4.4) - restriction: >= net7.0
      Microsoft.CSharp (>= 4.7) - restriction: >= netstandard2.1
      System.CodeDom (>= 4.7) - restriction: >= netstandard2.1
      System.ComponentModel.Annotations (>= 4.7) - restriction: >= netstandard2.1
      System.Configuration.ConfigurationManager (>= 4.7) - restriction: >= netstandard2.1
      System.Data.SqlClient (>= 4.8.1) - restriction: >= netstandard2.1
    jQuery (3.6.1) - restriction: >= net7.0
    jQuery.Validation (1.19.5) - restriction: >= net7.0
      jQuery (>= 1.4.4)
    log4net (2.0.15) - restriction: >= net7.0
      System.Configuration.ConfigurationManager (>= 4.5) - restriction: && (< net20) (>= netstandard2.0)
    Microsoft.ApplicationInsights (2.22.0-beta1) - restriction: >= net7.0
      System.Diagnostics.DiagnosticSource (>= 5.0) - restriction: || (&& (>= net452) (< netstandard2.0)) (&& (< net452) (>= netstandard2.0)) (>= net46)
    Microsoft.ApplicationInsights.Agent.Intercept (2.4) - restriction: >= net7.0
    Microsoft.ApplicationInsights.DependencyCollector (2.22.0-beta1) - restriction: >= net7.0
      Microsoft.ApplicationInsights (>= 2.22.0-beta1) - restriction: || (>= net452) (>= netstandard2.0)
      System.Diagnostics.DiagnosticSource (>= 5.0) - restriction: || (>= net452) (>= netstandard2.0)
    Microsoft.ApplicationInsights.PerfCounterCollector (2.22.0-beta1) - restriction: >= net7.0
      Microsoft.ApplicationInsights (>= 2.22.0-beta1) - restriction: || (>= net452) (>= netstandard2.0)
      Microsoft.Extensions.Caching.Memory (>= 1.0) - restriction: && (< net452) (>= netstandard2.0)
      System.Diagnostics.PerformanceCounter (>= 4.7) - restriction: && (< net452) (>= netstandard2.0)
    Microsoft.ApplicationInsights.Web (2.22.0-beta1) - restriction: >= net7.0
    Microsoft.ApplicationInsights.WindowsServer (2.22.0-beta1) - restriction: >= net7.0
      Microsoft.ApplicationInsights (>= 2.22.0-beta1) - restriction: || (>= net452) (>= netstandard2.0)
      Microsoft.ApplicationInsights.DependencyCollector (>= 2.22.0-beta1) - restriction: || (>= net452) (>= netstandard2.0)
      Microsoft.ApplicationInsights.PerfCounterCollector (>= 2.22.0-beta1) - restriction: || (>= net452) (>= netstandard2.0)
      Microsoft.ApplicationInsights.WindowsServer.TelemetryChannel (>= 2.22.0-beta1) - restriction: || (>= net452) (>= netstandard2.0)
      System.Diagnostics.DiagnosticSource (>= 5.0) - restriction: || (>= net452) (>= netstandard2.0)
    Microsoft.ApplicationInsights.WindowsServer.TelemetryChannel (2.22.0-beta1) - restriction: >= net7.0
      Microsoft.ApplicationInsights (>= 2.22.0-beta1) - restriction: || (>= net452) (>= netstandard2.0)
      System.IO.FileSystem.AccessControl (>= 4.7) - restriction: && (< net452) (>= netstandard2.0)
    Microsoft.AspNet.Cors (5.2.9) - restriction: >= net7.0
    Microsoft.AspNet.Identity.Core (2.2.3) - restriction: >= net7.0
    Microsoft.AspNet.Identity.EntityFramework (2.2.3) - restriction: >= net7.0
      EntityFramework (>= 6.1)
      Microsoft.AspNet.Identity.Core (>= 2.2.3)
    Microsoft.AspNet.Identity.Owin (2.2.3) - restriction: >= net7.0
      Microsoft.AspNet.Identity.Core (>= 2.2.3)
      Microsoft.Owin.Security (>= 3.0.1)
      Microsoft.Owin.Security.Cookies (>= 3.0.1)
      Microsoft.Owin.Security.OAuth (>= 3.0.1)
    Microsoft.AspNet.Mvc (5.2.9) - restriction: >= net7.0
      Microsoft.AspNet.Razor (>= 3.2.9 < 3.3)
      Microsoft.AspNet.WebPages (>= 3.2.9 < 3.3)
    Microsoft.AspNet.Razor (3.2.9) - restriction: >= net7.0
    Microsoft.AspNet.Web.Optimization (1.1.3) - restriction: >= net7.0
      Microsoft.Web.Infrastructure (>= 1.0)
      WebGrease (>= 1.5.2)
    Microsoft.AspNet.WebApi (5.2.9) - restriction: >= net7.0
      Microsoft.AspNet.WebApi.WebHost (>= 5.2.9 < 5.3)
    Microsoft.AspNet.WebApi.Client (5.2.9) - restriction: >= net7.0
      Newtonsoft.Json (>= 10.0.1) - restriction: && (< net45) (>= netstandard2.0)
      Newtonsoft.Json.Bson (>= 1.0.1) - restriction: && (< net45) (>= netstandard2.0)
    Microsoft.AspNet.WebApi.Core (5.2.9) - restriction: >= net7.0
      Microsoft.AspNet.WebApi.Client (>= 5.2.9)
    Microsoft.AspNet.WebApi.Cors (5.2.9) - restriction: >= net7.0
      Microsoft.AspNet.Cors (>= 5.2.9)
      Microsoft.AspNet.WebApi.Core (>= 5.2.9 < 5.3)
    Microsoft.AspNet.WebApi.HelpPage (5.2.9) - restriction: >= net7.0
      Microsoft.AspNet.Mvc (>= 5.2.9 < 5.3)
      Microsoft.AspNet.Razor (>= 3.2.9 < 3.3)
      Microsoft.AspNet.WebApi.WebHost (>= 5.2.9 < 5.3)
    Microsoft.AspNet.WebApi.Owin (5.2.9) - restriction: >= net7.0
      Microsoft.AspNet.WebApi.Core (>= 5.2.9 < 5.3)
      Microsoft.Owin (>= 2.0.2)
      Owin (>= 1.0)
    Microsoft.AspNet.WebApi.WebHost (5.2.9) - restriction: >= net7.0
      Microsoft.AspNet.WebApi.Core (>= 5.2.9 < 5.3)
    Microsoft.AspNet.WebPages (3.2.9) - restriction: >= net7.0
      Microsoft.AspNet.Razor (>= 3.2.9 < 3.3)
      Microsoft.Web.Infrastructure (>= 1.0)
    Microsoft.CodeDom.Providers.DotNetCompilerPlatform (4.1.0-preview1) - restriction: >= net7.0
    Microsoft.CSharp (4.7) - restriction: >= net7.0
    Microsoft.Extensions.Caching.Abstractions (7.0) - restriction: >= net7.0
      Microsoft.Extensions.Primitives (>= 7.0) - restriction: || (>= net462) (>= netstandard2.0)
    Microsoft.Extensions.Caching.Memory (7.0) - restriction: >= net7.0
      Microsoft.Extensions.Caching.Abstractions (>= 7.0) - restriction: || (>= net462) (>= netstandard2.0)
      Microsoft.Extensions.DependencyInjection.Abstractions (>= 7.0) - restriction: || (>= net462) (>= netstandard2.0)
      Microsoft.Extensions.Logging.Abstractions (>= 7.0) - restriction: || (>= net462) (>= netstandard2.0)
      Microsoft.Extensions.Options (>= 7.0) - restriction: || (>= net462) (>= netstandard2.0)
      Microsoft.Extensions.Primitives (>= 7.0) - restriction: || (>= net462) (>= netstandard2.0)
    Microsoft.Extensions.DependencyInjection.Abstractions (7.0) - restriction: >= net7.0
    Microsoft.Extensions.Logging.Abstractions (7.0) - restriction: >= net7.0
    Microsoft.Extensions.Options (7.0) - restriction: >= net7.0
      Microsoft.Extensions.DependencyInjection.Abstractions (>= 7.0) - restriction: || (>= net462) (>= netstandard2.0)
      Microsoft.Extensions.Primitives (>= 7.0) - restriction: || (>= net462) (>= netstandard2.0)
    Microsoft.Extensions.Primitives (7.0) - restriction: >= net7.0
    Microsoft.jQuery.Unobtrusive.Validation (4.0) - restriction: >= net7.0
      jQuery (>= 1.8)
      jQuery.Validation (>= 1.8.0.1)
    Microsoft.Net.Compilers (1.0) - restriction: >= net7.0
    Microsoft.Owin (3.0.1) - restriction: >= net7.0
      Owin (>= 1.0)
    Microsoft.Owin.Host.SystemWeb (4.2.2) - restriction: >= net7.0
    Microsoft.Owin.Security (4.2.2) - restriction: >= net7.0
    Microsoft.Owin.Security.Cookies (4.2.2) - restriction: >= net7.0
    Microsoft.Owin.Security.Facebook (4.2.2) - restriction: >= net7.0
    Microsoft.Owin.Security.Google (4.2.2) - restriction: >= net7.0
    Microsoft.Owin.Security.MicrosoftAccount (4.2.2) - restriction: >= net7.0
    Microsoft.Owin.Security.OAuth (4.2.2) - restriction: >= net7.0
    Microsoft.Owin.Security.Twitter (4.2.2) - restriction: >= net7.0
    Microsoft.Web.Infrastructure (2.0) - restriction: >= net7.0
    Microsoft.Win32.Registry (5.0) - restriction: && (>= net7.0) (< xamarinios) (< xamarinmac) (< xamarintvos) (< xamarinwatchos)
      System.Security.AccessControl (>= 5.0) - restriction: || (&& (>= monoandroid) (< netstandard1.3)) (&& (< monoandroid) (>= netcoreapp2.0)) (>= monotouch) (&& (< net46) (< netcoreapp2.0) (>= netstandard2.0)) (>= net461) (>= netcoreapp2.1) (>= uap10.1) (>= xamarinios) (>= xamarinmac) (>= xamarintvos) (>= xamarinwatchos)
      System.Security.Principal.Windows (>= 5.0) - restriction: || (&& (>= monoandroid) (< netstandard1.3)) (&& (< monoandroid) (>= netcoreapp2.0)) (>= monotouch) (&& (< net46) (< netcoreapp2.0) (>= netstandard2.0)) (>= net461) (>= netcoreapp2.1) (>= uap10.1) (>= xamarinios) (>= xamarinmac) (>= xamarintvos) (>= xamarinwatchos)
    Microsoft.Win32.SystemEvents (7.0) - restriction: >= net7.0
    Modernizr (2.8.3) - restriction: >= net7.0
    Newtonsoft.Json (13.0.2) - restriction: >= net7.0
    Newtonsoft.Json.Bson (1.0.2) - restriction: >= net7.0
      Newtonsoft.Json (>= 12.0.1) - restriction: || (>= net45) (>= netstandard1.3)
    Owin (1.0) - restriction: >= net7.0
    Respond (1.4.2) - restriction: >= net7.0
    runtime.native.System.Data.SqlClient.sni (4.7) - restriction: || (&& (< monoandroid) (>= net7.0) (< netstandard2.0) (< xamarintvos) (< xamarinwatchos)) (&& (>= net7.0) (< xamarinios) (< xamarinmac) (< xamarintvos) (< xamarinwatchos))
      runtime.win-arm64.runtime.native.System.Data.SqlClient.sni (>= 4.4)
      runtime.win-x64.runtime.native.System.Data.SqlClient.sni (>= 4.4)
      runtime.win-x86.runtime.native.System.Data.SqlClient.sni (>= 4.4)
    runtime.win-arm64.runtime.native.System.Data.SqlClient.sni (4.4) - restriction: || (&& (< monoandroid) (>= net7.0) (< netstandard2.0) (< xamarintvos) (< xamarinwatchos)) (&& (>= net7.0) (< xamarinios) (< xamarinmac) (< xamarintvos) (< xamarinwatchos))
    runtime.win-x64.runtime.native.System.Data.SqlClient.sni (4.4) - restriction: || (&& (< monoandroid) (>= net7.0) (< netstandard2.0) (< xamarintvos) (< xamarinwatchos)) (&& (>= net7.0) (< xamarinios) (< xamarinmac) (< xamarintvos) (< xamarinwatchos))
    runtime.win-x86.runtime.native.System.Data.SqlClient.sni (4.4) - restriction: || (&& (< monoandroid) (>= net7.0) (< netstandard2.0) (< xamarintvos) (< xamarinwatchos)) (&& (>= net7.0) (< xamarinios) (< xamarinmac) (< xamarintvos) (< xamarinwatchos))
    System.Buffers (4.5.1) - restriction: || (&& (>= monoandroid) (>= net7.0) (< netstandard1.3)) (&& (>= monotouch) (>= net7.0)) (&& (>= net7.0) (< netcoreapp2.0)) (&& (>= net7.0) (>= xamarinios)) (&& (>= net7.0) (>= xamarinmac)) (&& (>= net7.0) (>= xamarintvos)) (&& (>= net7.0) (>= xamarinwatchos))
    System.CodeDom (7.0) - restriction: >= net7.0
    System.ComponentModel.Annotations (5.0) - restriction: >= net7.0
    System.Configuration.ConfigurationManager (7.0) - restriction: >= net7.0
      System.Diagnostics.EventLog (>= 7.0) - restriction: >= net7.0
      System.Security.Cryptography.ProtectedData (>= 7.0) - restriction: || (&& (< net462) (>= netstandard2.0)) (>= net6.0)
      System.Security.Permissions (>= 7.0) - restriction: || (>= net462) (>= netstandard2.0)
    System.Data.SqlClient (4.8.5) - restriction: >= net7.0
      Microsoft.Win32.Registry (>= 4.7) - restriction: || (&& (< monoandroid) (>= netcoreapp2.0) (< netcoreapp2.1) (< xamarinios) (< xamarinmac) (< xamarintvos) (< xamarinwatchos)) (&& (< monoandroid) (>= netcoreapp2.1) (< netcoreapp3.1) (< xamarinios) (< xamarinmac) (< xamarintvos) (< xamarinwatchos)) (&& (< net451) (< netcoreapp2.0) (>= netstandard2.0) (< xamarinios) (< xamarinmac) (< xamarintvos) (< xamarinwatchos)) (&& (>= netcoreapp3.1) (< xamarinios) (< xamarinmac) (< xamarintvos) (< xamarinwatchos))
      runtime.native.System.Data.SqlClient.sni (>= 4.7) - restriction: || (&& (< monoandroid) (< monotouch) (< net451) (>= netstandard1.3) (< netstandard2.0) (< win81) (< wpa81) (< xamarintvos) (< xamarinwatchos)) (&& (< monoandroid) (>= netcoreapp2.0) (< netcoreapp2.1) (< xamarinios) (< xamarinmac) (< xamarintvos) (< xamarinwatchos)) (&& (< monoandroid) (>= netcoreapp2.1) (< netcoreapp3.1) (< xamarinios) (< xamarinmac) (< xamarintvos) (< xamarinwatchos)) (&& (< net451) (< netcoreapp2.0) (>= netstandard2.0) (< xamarinios) (< xamarinmac) (< xamarintvos) (< xamarinwatchos)) (&& (>= netcoreapp3.1) (< xamarinios) (< xamarinmac) (< xamarintvos) (< xamarinwatchos))
      System.Security.Principal.Windows (>= 4.7) - restriction: || (&& (< monoandroid) (< monotouch) (< net451) (>= netstandard1.3) (< netstandard2.0) (< win81) (< wpa81) (< xamarintvos) (< xamarinwatchos)) (&& (< monoandroid) (>= netcoreapp2.0) (< netcoreapp2.1) (< xamarinios) (< xamarinmac) (< xamarintvos) (< xamarinwatchos)) (&& (< monoandroid) (>= netcoreapp2.1) (< netcoreapp3.1) (< xamarinios) (< xamarinmac) (< xamarintvos) (< xamarinwatchos)) (&& (< net451) (< netcoreapp2.0) (>= netstandard2.0) (< xamarinios) (< xamarinmac) (< xamarintvos) (< xamarinwatchos)) (&& (>= netcoreapp3.1) (< xamarinios) (< xamarinmac) (< xamarintvos) (< xamarinwatchos))
    System.Diagnostics.DiagnosticSource (7.0) - restriction: >= net7.0
    System.Diagnostics.EventLog (7.0) - restriction: >= net7.0
    System.Diagnostics.PerformanceCounter (7.0) - restriction: >= net7.0
      System.Configuration.ConfigurationManager (>= 7.0) - restriction: >= net6.0
    System.Drawing.Common (7.0) - restriction: >= net7.0
      Microsoft.Win32.SystemEvents (>= 7.0) - restriction: >= net6.0
    System.IO.FileSystem.AccessControl (5.0) - restriction: >= net7.0
      System.Buffers (>= 4.5.1) - restriction: || (&& (>= monoandroid) (< netstandard1.3)) (>= monotouch) (&& (< net46) (< netcoreapp2.0) (>= netstandard2.0)) (>= xamarinios) (>= xamarinmac) (>= xamarintvos) (>= xamarinwatchos)
      System.Security.AccessControl (>= 5.0) - restriction: || (&& (>= monoandroid) (< netstandard1.3)) (&& (< monoandroid) (< net46) (>= netstandard1.3) (< netstandard2.0)) (&& (< monoandroid) (>= netcoreapp2.0)) (>= monotouch) (&& (>= net46) (< netstandard2.0)) (&& (< net46) (< netcoreapp2.0) (>= netstandard2.0)) (>= net461) (>= netcoreapp2.1) (>= uap10.1) (>= xamarinios) (>= xamarinmac) (>= xamarintvos) (>= xamarinwatchos)
      System.Security.Principal.Windows (>= 5.0) - restriction: || (&& (>= monoandroid) (< netstandard1.3)) (&& (< monoandroid) (< net46) (>= netstandard1.3) (< netstandard2.0)) (&& (< monoandroid) (>= netcoreapp2.0)) (>= monotouch) (&& (>= net46) (< netstandard2.0)) (&& (< net46) (< netcoreapp2.0) (>= netstandard2.0)) (>= net461) (>= netcoreapp2.1) (>= uap10.1) (>= xamarinios) (>= xamarinmac) (>= xamarintvos) (>= xamarinwatchos)
    System.Security.AccessControl (6.0) - restriction: >= net7.0
    System.Security.Cryptography.ProtectedData (7.0) - restriction: >= net7.0
    System.Security.Permissions (7.0) - restriction: >= net7.0
      System.Windows.Extensions (>= 7.0) - restriction: >= net6.0
    System.Security.Principal.Windows (5.0) - restriction: >= net7.0
    System.Windows.Extensions (7.0 - restriction: >= net7.0
      System.Drawing.Common (>= 7.0) - restriction: >= net6.0
    WebGrease (1.6) - restriction: >= net7.0
      Antlr (>= 3.4.1.9004)
      Newtonsoft.Json (>= 5.0.4
